GEM
  remote: https://rubygems.org/
  specs:
    yard (0.9.26)

PLATFORMS
  x86_64-darwin-20

DEPENDENCIES
  yard

BUNDLED WITH
   2.2.29
